PATH
  remote: .
  specs:
    sdl2_vulkan (0.1.0)
      ruby-sdl2 (~> 0.3)

GEM
  remote: https://rubygems.org/
  specs:
    minitest (5.11.3)
    rake (10.5.0)
    rake-compiler (1.0.4)
      rake
    ruby-sdl2 (0.3.4)

PLATFORMS
  ruby

DEPENDENCIES
  bundler (~> 1.16)
  minitest (~> 5.0)
  rake (~> 10.0)
  rake-compiler
  sdl2_vulkan!

BUNDLED WITH
   1.16.2
